PATH
  remote: .
  specs:
    exception_dog (0.1.0)
      dogstatsd-ruby

GEM
  remote: https://rubygems.org/
  specs:
    addressable (2.8.0)
      public_suffix (>= 2.0.2, < 5.0)
    crack (0.4.3)
      safe_yaml (~> 1.0.0)
    dogstatsd-ruby (4.0.0)
    hashdiff (0.3.7)
    minitest (5.11.3)
    public_suffix (4.0.6)
    rake (10.5.0)
    safe_yaml (1.0.4)
    webmock (3.4.2)
      addressable (>= 2.3.6)
      crack (>= 0.3.2)
      hashdiff

PLATFORMS
  ruby

DEPENDENCIES
  bundler (~> 1.16)
  exception_dog!
  minitest (~> 5.0)
  rake (~> 10.0)
  webmock

BUNDLED WITH
   1.16.1
